GEM
  remote: http://rubygems.org/
  specs:
    crack (0.1.8)
    eventmachine (0.12.10)
    growl (1.0.3)
    mime-types (1.16)
    rest-client (1.6.3)
      mime-types (>= 1.16)

PLATFORMS
  ruby

DEPENDENCIES
  crack
  eventmachine
  growl
  rest-client
